GEM
  remote: https://rubygems.org/
  specs:
    activesupport (5.2.3)
      concurrent-ruby (~> 1.0, >= 1.0.2)
      i18n (>= 0.7, < 2)
      minitest (~> 5.1)
      tzinfo (~> 1.1)
    addressable (2.6.0)
      public_suffix (>= 2.0.2, < 4.0)
    concurrent-ruby (1.1.5)
    i18n (1.6.0)
      concurrent-ruby (~> 1.0)
    minitest (5.11.3)
    net (0.3.3)
      activesupport
    public_suffix (3.0.3)
    retries (0.0.5)
    thread_safe (0.3.6)
    time-helper (2.0.1)
    tzinfo (1.2.5)
      thread_safe (~> 0.1)
    work_queue (2.5.4)

PLATFORMS
  ruby

DEPENDENCIES
  addressable
  net
  retries
  time-helper
  work_queue

BUNDLED WITH
   1.17.2
